STORAGE: NONE
NUGET
  remote: https://api.nuget.org/v3/index.json
    Microsoft.ApplicationInsights (2.23) - restriction: || (&& (>= net462) (>= netstandard2.0)) (>= netcoreapp3.1)
      System.Diagnostics.DiagnosticSource (>= 5.0) - restriction: || (&& (>= net452) (< netstandard2.0)) (&& (< net452) (>= netstandard2.0)) (>= net46)
    Microsoft.CodeCoverage (17.13) - restriction: || (>= net462) (>= netcoreapp3.1)
    Microsoft.NET.Test.Sdk (17.13)
      Microsoft.CodeCoverage (>= 17.13) - restriction: || (>= net462) (>= netcoreapp3.1)
      Microsoft.TestPlatform.TestHost (>= 17.13) - restriction: >= netcoreapp3.1
    Microsoft.Testing.Extensions.Telemetry (1.6.3) - restriction: || (&& (>= net462) (>= netstandard2.0)) (>= netcoreapp3.1)
      Microsoft.ApplicationInsights (>= 2.22) - restriction: >= netstandard2.0
      Microsoft.Testing.Platform (>= 1.6.3) - restriction: >= netstandard2.0
    Microsoft.Testing.Extensions.TrxReport.Abstractions (1.6.3) - restriction: || (&& (>= net462) (>= netstandard2.0)) (>= netcoreapp3.1)
      Microsoft.Testing.Platform (>= 1.6.3) - restriction: >= netstandard2.0
    Microsoft.Testing.Extensions.VSTestBridge (1.6.3) - restriction: || (>= net462) (>= netcoreapp3.1)
      Microsoft.Testing.Extensions.Telemetry (>= 1.6.3) - restriction: >= netstandard2.0
      Microsoft.Testing.Extensions.TrxReport.Abstractions (>= 1.6.3) - restriction: >= netstandard2.0
      Microsoft.Testing.Platform (>= 1.6.3) - restriction: >= netstandard2.0
      Microsoft.TestPlatform.ObjectModel (>= 17.13) - restriction: >= netstandard2.0
    Microsoft.Testing.Platform (1.6.3) - restriction: || (&& (>= net462) (>= netstandard2.0)) (>= netcoreapp3.1)
    Microsoft.Testing.Platform.MSBuild (1.6.3) - restriction: || (>= net462) (>= netcoreapp3.1)
      Microsoft.Testing.Platform (>= 1.6.3) - restriction: >= netstandard2.0
    Microsoft.TestPlatform.ObjectModel (17.13) - restriction: || (&& (>= net462) (>= netstandard2.0)) (>= netcoreapp3.1)
      System.Reflection.Metadata (>= 1.6) - restriction: || (>= net462) (>= netstandard2.0)
    Microsoft.TestPlatform.TestHost (17.13) - restriction: >= netcoreapp3.1
      Microsoft.TestPlatform.ObjectModel (>= 17.13) - restriction: >= netcoreapp3.1
      Newtonsoft.Json (>= 13.0.1) - restriction: >= netcoreapp3.1
    Newtonsoft.Json (13.0.3) - restriction: >= netcoreapp3.1
    NUnit (4.3.2)
      System.Memory (>= 4.6) - restriction: >= net462
      System.Threading.Tasks.Extensions (>= 4.5.4) - restriction: >= net462
      System.ValueTuple (>= 4.5) - restriction: >= net462
    NUnit3TestAdapter (5.0)
      Microsoft.Testing.Extensions.VSTestBridge (>= 1.5.3) - restriction: || (>= net462) (>= netcoreapp3.1)
      Microsoft.Testing.Platform.MSBuild (>= 1.5.3) - restriction: || (>= net462) (>= netcoreapp3.1)
    System.Buffers (4.6.1) - restriction: >= net462
    System.Collections.Immutable (9.0.3) - restriction: || (&& (>= net462) (>= net8.0)) (&& (>= net462) (>= netcoreapp3.1)) (&& (>= net462) (>= netstandard2.0)) (&& (>= net8.0) (< net9.0)) (&& (< net8.0) (>= netcoreapp3.1))
      System.Memory (>= 4.5.5) - restriction: || (>= net462) (&& (< net8.0) (>= netstandard2.0))
      System.Runtime.CompilerServices.Unsafe (>= 6.0) - restriction: || (>= net462) (&& (< net8.0) (>= netstandard2.0))
    System.Diagnostics.DiagnosticSource (9.0.3) - restriction: || (&& (>= net462) (>= netstandard2.0)) (>= netcoreapp3.1)
      System.Memory (>= 4.5.5) - restriction: || (>= net462) (&& (< net8.0) (>= netstandard2.0))
      System.Runtime.CompilerServices.Unsafe (>= 6.0) - restriction: || (>= net462) (&& (< net8.0) (>= netstandard2.0))
    System.Memory (4.6.2) - restriction: || (>= net462) (&& (< net8.0) (>= netcoreapp3.1))
      System.Buffers (>= 4.6.1) - restriction: || (>= net462) (&& (< netcoreapp2.1) (>= netstandard2.0) (< netstandard2.1))
      System.Numerics.Vectors (>= 4.6.1) - restriction: || (>= net462) (&& (< netcoreapp2.1) (>= netstandard2.0) (< netstandard2.1))
      System.Runtime.CompilerServices.Unsafe (>= 6.1.1) - restriction: || (>= net462) (&& (< netcoreapp2.1) (>= netstandard2.0) (< netstandard2.1))
    System.Numerics.Vectors (4.6.1) - restriction: >= net462
    System.Reflection.Metadata (9.0.3) - restriction: || (&& (>= net462) (>= netstandard2.0)) (>= netcoreapp3.1)
      System.Collections.Immutable (>= 9.0.3) - restriction: || (>= net462) (&& (>= net8.0) (< net9.0)) (&& (< net8.0) (>= netstandard2.0))
      System.Memory (>= 4.5.5) - restriction: || (>= net462) (&& (< net8.0) (>= netstandard2.0))
    System.Runtime.CompilerServices.Unsafe (6.1.1) - restriction: || (>= net462) (&& (< net8.0) (>= netcoreapp3.1))
    System.Threading.Tasks.Extensions (4.6.2) - restriction: >= net462
      System.Runtime.CompilerServices.Unsafe (>= 6.1.1) - restriction: || (>= net462) (&& (< netcoreapp2.1) (>= netstandard2.0) (< netstandard2.1))
    System.ValueTuple (4.6.1) - restriction: >= net462
